GEM
  remote: http://rubygems.org/
  specs:
    actionmailer (2.3.11)
      actionpack (= 2.3.11)
    actionpack (2.3.11)
      activesupport (= 2.3.11)
      rack (~> 1.1.0)
    activerecord (2.3.11)
      activesupport (= 2.3.11)
    activeresource (2.3.11)
      activesupport (= 2.3.11)
    activesupport (2.3.11)
    faker (0.3.1)
    hoptoad_notifier (2.2.2)
      activesupport
    machinist (1.0.6)
    mocha (0.9.8)
      rake
    paperclip (2.3.0)
    rack (1.1.2)
    rails (2.3.11)
      actionmailer (= 2.3.11)
      actionpack (= 2.3.11)
      activerecord (= 2.3.11)
      activeresource (= 2.3.11)
      activesupport (= 2.3.11)
      rake (>= 0.8.3)
    rake (0.9.2)
    right_aws (1.9.0)
      right_http_connection (>= 1.2.1)
    right_http_connection (1.2.4)
    searchlogic (2.3.9)
      activerecord (>= 2.0.0)
    sqlite3-ruby (1.2.5)
    toadhopper (1.0.3)
    will_paginate (2.3.15)

PLATFORMS
  ruby

DEPENDENCIES
  faker (= 0.3.1)
  hoptoad_notifier (= 2.2.2)
  machinist (= 1.0.6)
  mocha (= 0.9.8)
  paperclip (= 2.3.0)
  rails (= 2.3.11)
  right_aws (= 1.9.0)
  right_http_connection (= 1.2.4)
  searchlogic (= 2.3.9)
  sqlite3-ruby (= 1.2.5)
  toadhopper (= 1.0.3)
  will_paginate (= 2.3.15)
